GEM
  remote: https://rubygems.org/
  specs:
    activemodel (5.1.1)
      activesupport (= 5.1.1)
    activemodel-serializers-xml (1.0.1)
      activemodel (> 5.x)
      activerecord (> 5.x)
      activesupport (> 5.x)
      builder (~> 3.1)
    activerecord (5.1.1)
      activemodel (= 5.1.1)
      activesupport (= 5.1.1)
      arel (~> 8.0)
    activeresource (5.0.0)
      activemodel (>= 5.0, < 6)
      activemodel-serializers-xml (~> 1.0)
      activesupport (>= 5.0, < 6)
    activesupport (5.1.1)
      concurrent-ruby (~> 1.0, >= 1.0.2)
      i18n (~> 0.7)
      minitest (~> 5.1)
      tzinfo (~> 1.1)
    arel (8.0.0)
    ast (2.4.2)
    builder (3.2.3)
    concurrent-ruby (1.0.5)
    dotenv (2.2.1)
    httparty (0.15.5)
      multi_xml (>= 0.5.2)
    i18n (0.8.4)
    json (2.6.3)
    minitest (5.10.2)
    multi_xml (0.6.0)
    mustermann (1.0.0)
    parallel (1.22.1)
    parser (3.2.1.1)
      ast (~> 2.4.1)
    rack (2.2.6.4)
    rack-protection (2.0.0)
      rack
    rainbow (3.1.1)
    regexp_parser (2.7.0)
    rexml (3.2.5)
    rubocop (1.48.1)
      json (~> 2.3)
      parallel (~> 1.10)
      parser (>= 3.2.0.0)
      rainbow (>= 2.2.2, < 4.0)
      regexp_parser (>= 1.8, < 3.0)
      rexml (>= 3.2.5, < 4.0)
      rubocop-ast (>= 1.26.0, < 2.0)
      ruby-progressbar (~> 1.7)
      unicode-display_width (>= 2.4.0, < 3.0)
    rubocop-ast (1.27.0)
      parser (>= 3.2.1.0)
    ruby-progressbar (1.13.0)
    shopify_api (4.9.0)
      activeresource (>= 3.0.0)
      rack
    sinatra (2.0.0)
      mustermann (~> 1.0)
      rack (~> 2.0)
      rack-protection (= 2.0.0)
      tilt (~> 2.0)
    thread_safe (0.3.6)
    tilt (2.0.7)
    tzinfo (1.2.3)
      thread_safe (~> 0.1)
    unicode-display_width (2.4.2)

PLATFORMS
  ruby

DEPENDENCIES
  dotenv
  httparty
  rubocop
  shopify_api
  sinatra

BUNDLED WITH
   1.15.1
